GIT
  remote: git://github.com/fxn/sdoc.git
  revision: 055fe2a8b9ded985158f65d66fe1ae2a5402a10d
  specs:
    sdoc (0.3.15)
      json (>= 1.1.3)
      rdoc (~> 3.10)

GIT
  remote: git://github.com/rails/journey
  revision: 38dd4ee564a732b9242417ef1c93348b4acdfebd
  specs:
    journey (1.0.1.20120208102204)

PATH
  remote: .
  specs:
    actionmailer (4.0.0.beta)
      actionpack (= 4.0.0.beta)
      mail (~> 2.4.1)
    actionpack (4.0.0.beta)
      activemodel (= 4.0.0.beta)
      activesupport (= 4.0.0.beta)
      builder (~> 3.0.0)
      erubis (~> 2.7.0)
      journey (~> 1.0.1)
      rack (~> 1.4.1)
      rack-cache (~> 1.1)
      rack-test (~> 0.6.1)
      sprockets (~> 2.2.0)
    activemodel (4.0.0.beta)
      activesupport (= 4.0.0.beta)
      builder (~> 3.0.0)
    activerecord (4.0.0.beta)
      activemodel (= 4.0.0.beta)
      activesupport (= 4.0.0.beta)
      arel (~> 3.0.0)
      tzinfo (~> 0.3.29)
    activeresource (4.0.0.beta)
      activemodel (= 4.0.0.beta)
      activesupport (= 4.0.0.beta)
    activesupport (4.0.0.beta)
      i18n (~> 0.6)
      multi_json (~> 1.0)
    rails (4.0.0.beta)
      actionmailer (= 4.0.0.beta)
      actionpack (= 4.0.0.beta)
      activerecord (= 4.0.0.beta)
      activeresource (= 4.0.0.beta)
      activesupport (= 4.0.0.beta)
      bundler (~> 1.0)
      railties (= 4.0.0.beta)
    railties (4.0.0.beta)
      actionpack (= 4.0.0.beta)
      activesupport (= 4.0.0.beta)
      rack-ssl (~> 1.3.2)
      rake (>= 0.8.7)
      rdoc (~> 3.4)
      thor (~> 0.14.6)

GEM
  remote: https://rubygems.org/
  specs:
    RedCloth (4.2.9-x86-mingw32)
    arel (3.0.0)
    bcrypt-ruby (3.0.1-x86-mingw32)
    builder (3.0.0)
    erubis (2.7.0)
    execjs (1.3.0)
      multi_json (~> 1.0)
    hike (1.2.1)
    i18n (0.6.0)
    jquery-rails (2.0.0)
      railties (>= 3.2.0.beta, < 5.0)
      thor (~> 0.14)
    json (1.6.5)
    mail (2.4.1)
      i18n (>= 0.4.0)
      mime-types (~> 1.16)
      treetop (~> 1.4.8)
    memcache-client (1.8.5)
    metaclass (0.0.1)
    mime-types (1.17.2)
    mocha (0.10.3)
      metaclass (~> 0.0.1)
    multi_json (1.0.4)
    nokogiri (1.5.0-x86-mingw32)
    polyglot (0.3.3)
    rack (1.4.1)
    rack-cache (1.1)
      rack (>= 0.4)
    rack-ssl (1.3.2)
      rack
    rack-test (0.6.1)
      rack (>= 1.0)
    rake (0.9.2.2)
    rdoc (3.12)
      json (~> 1.4)
    sprockets (2.2.0)
      hike (~> 1.2)
      multi_json (~> 1.0)
      rack (~> 1.0)
      tilt (~> 1.1, != 1.3.0)
    thor (0.14.6)
    tilt (1.3.3)
    treetop (1.4.10)
      polyglot
      polyglot (>= 0.3.1)
    tzinfo (0.3.31)
    uglifier (1.2.3)
      execjs (>= 0.3.0)
      multi_json (>= 1.0.2)
    w3c_validators (1.2)
      json
      nokogiri

PLATFORMS
  x86-mingw32

DEPENDENCIES
  RedCloth (~> 4.2)
  activerecord-jdbcmysql-adapter (>= 1.2.0)
  activerecord-jdbcpostgresql-adapter (>= 1.2.0)
  activerecord-jdbcsqlite3-adapter (>= 1.2.0)
  arel
  bcrypt-ruby (~> 3.0.0)
  journey!
  jquery-rails
  jruby-openssl
  json
  memcache-client (>= 1.8.5)
  mocha (>= 0.9.8)
  mysql (>= 2.8.1)
  mysql2 (>= 0.3.10)
  nokogiri (>= 1.4.5)
  pg (>= 0.11.0)
  rails!
  rake (>= 0.8.7)
  ruby-prof
  sdoc!
  sqlite3 (~> 1.3.5)
  uglifier (>= 1.0.3)
  w3c_validators
  yajl-ruby
